GIT
  remote: git://github.com/bearded/perftools.rb.git
  revision: df73f93e4dda8953e77ba3be2945f4bf806b07cf
  branch: perftools-1.8
  specs:
    perftools.rb (0.5.6)

GEM
  remote: http://rubygems.org/
  specs:
    archive-tar-minitar (0.5.2)
    builder (3.0.0)
    cucumber (1.1.5)
      builder (>= 2.1.2)
      diff-lcs (>= 1.1.2)
      gherkin (~> 2.8.0)
      json (>= 1.4.6)
      term-ansicolor (>= 1.0.6)
    diff-lcs (1.1.3)
    ffi (1.0.11)
    gherkin (2.8.0)
      json (>= 1.4.6)
    guard (1.0.0)
      ffi (>= 0.5.0)
      thor (~> 0.14.6)
    guard-cucumber (0.7.5)
      cucumber (>= 0.10)
      guard (>= 0.8.3)
    guard-rspec (0.6.0)
      guard (>= 0.10.0)
    json (1.6.5)
    mime-types (1.17.2)
    relish (0.5.3)
      archive-tar-minitar (>= 0.5.2)
      json (>= 1.4.6)
      rest-client (>= 1.6.1)
    rest-client (1.6.7)
      mime-types (>= 1.16)
    rspec (2.8.0)
      rspec-core (~> 2.8.0)
      rspec-expectations (~> 2.8.0)
      rspec-mocks (~> 2.8.0)
    rspec-core (2.8.0)
    rspec-expectations (2.8.0)
      diff-lcs (~> 1.1.2)
    rspec-mocks (2.8.0)
    ruby-prof (0.10.8)
    ruby_gntp (0.3.4)
    term-ansicolor (1.0.7)
    thor (0.14.6)

PLATFORMS
  ruby

DEPENDENCIES
  cucumber
  guard-cucumber
  guard-rspec
  perftools.rb!
  relish
  rspec
  ruby-prof
  ruby_gntp
